GIT
  remote: git://github.com/sinatra/sinatra.git
  revision: 9bd0d40229f76ff60d81c01ad2f4b1a8e6f31e05
  specs:
    rack-protection (2.0.0.beta2)
      rack
    sinatra (2.0.0.beta2)
      mustermann (= 1.0.0.beta2)
      rack (~> 2.0)
      rack-protection (= 2.0.0.beta2)
      tilt (~> 2.0)

GEM
  remote: https://rubygems.org/
  specs:
    activemodel (5.0.1)
      activesupport (= 5.0.1)
    activerecord (5.0.1)
      activemodel (= 5.0.1)
      activesupport (= 5.0.1)
      arel (~> 7.0)
    activesupport (5.0.1)
      concurrent-ruby (~> 1.0, >= 1.0.2)
      i18n (~> 0.7)
      minitest (~> 5.1)
      tzinfo (~> 1.1)
    airbrussh (1.1.1)
      sshkit (>= 1.6.1, != 1.7.0)
    arel (7.1.4)
    byebug (9.0.6)
    capistrano (3.6.1)
      airbrussh (>= 1.0.0)
      capistrano-harrow
      i18n
      rake (>= 10.0.0)
      sshkit (>= 1.9.0)
    capistrano-harrow (0.5.3)
    concurrent-ruby (1.0.4)
    daemons (1.2.4)
    dotenv (2.1.1)
    eventmachine (1.2.1)
    i18n (0.7.0)
    minitest (5.10.1)
    mustermann (1.0.0.beta2)
    mysql2 (0.4.5)
    net-scp (1.2.1)
      net-ssh (>= 2.6.5)
    net-ssh (3.2.0)
    puma (3.6.2)
    rack (2.0.1)
    rake (12.0.0)
    sshkit (1.11.4)
      net-scp (>= 1.1.2)
      net-ssh (>= 2.8.0)
    thin (1.7.0)
      daemons (~> 1.0, >= 1.0.9)
      eventmachine (~> 1.0, >= 1.0.4)
      rack (>= 1, < 3)
    thread_safe (0.3.5)
    tilt (2.0.5)
    tzinfo (1.2.2)
      thread_safe (~> 0.1)

PLATFORMS
  ruby

DEPENDENCIES
  activerecord
  byebug
  capistrano
  dotenv
  mysql2
  puma
  sinatra!
  thin

BUNDLED WITH
   1.13.6
